PATH
  remote: ../stokesdrift
  specs:
    stokesdrift (0.2.3)
      rack (~> 1.5)

GEM
  remote: https://rubygems.org/
  specs:
    rack (1.6.0)
    rack-protection (1.5.3)
      rack
    sinatra (1.4.5)
      rack (~> 1.4)
      rack-protection (~> 1.4)
      tilt (~> 1.3, >= 1.3.4)
    tilt (1.4.1)

PLATFORMS
  java

DEPENDENCIES
  sinatra
  stokesdrift (~> 0.2.3)!
